PATH
  remote: .
  specs:
    rulers (0.0.1)
      rack

GEM
  remote: https://rubygems.org/
  specs:
    power_assert (2.0.1)
    rack (2.2.3)
    rack-test (1.1.0)
      rack (>= 1.0, < 3)
    rake (13.0.6)
    test-unit (3.4.7)
      power_assert

PLATFORMS
  x86_64-darwin-19

DEPENDENCIES
  rack-test
  rake (~> 13.0)
  rulers!
  test-unit

BUNDLED WITH
   2.2.16
